{
	"ECGChannelCount": 0,
	"EEGChannelCount": 30,
	"EEGReference": "POz",
	"EMGChannelCount": 0,
	"EOGChannelCount": 0,
	"EpochLength": 1053.08,
	"MiscChannelCount": 0,
	"PowerLineFrequency": 60,
	"RecordingDuration": 1053.08,
	"SamplingFrequency": 5000,
	"SoftwareFilters": "n/a",
	"TaskName": "tmseeg2",
	"TriggerChannelCount": 0
}
