{
	"ECGChannelCount": 0,
	"EEGChannelCount": 30,
	"EEGReference": "POz",
	"EMGChannelCount": 0,
	"EOGChannelCount": 0,
	"EpochLength": 303.06,
	"MiscChannelCount": 0,
	"PowerLineFrequency": 60,
	"RecordingDuration": 303.06,
	"SamplingFrequency": 5000,
	"SoftwareFilters": "n/a",
	"TaskName": "rest",
	"TriggerChannelCount": 0
}
