{
	"ECGChannelCount": 0,
	"EEGChannelCount": 30,
	"EEGReference": "POz",
	"EMGChannelCount": 0,
	"EOGChannelCount": 0,
	"EpochLength": 3031.3,
	"MiscChannelCount": 0,
	"PowerLineFrequency": 60,
	"RecordingDuration": 3031.3,
	"SamplingFrequency": 5000,
	"SoftwareFilters": "n/a",
	"TaskName": "tmseeg1",
	"TriggerChannelCount": 0
}
